GEM
  remote: https://rubygems.org/
  specs:
    erubis (2.7.0)
    execjs (2.2.1)
    rack (1.5.2)
    rack-protection (1.5.3)
      rack
    sequel (4.9.0)
    sinatra (1.4.5)
      rack (~> 1.4)
      rack-protection (~> 1.4)
      tilt (~> 1.3, >= 1.3.4)
    sqlite3 (1.3.9)
    stylus (1.0.1)
      execjs
      stylus-source
    stylus-source (0.42.2)
    tilt (1.4.1)

PLATFORMS
  ruby

DEPENDENCIES
  erubis (~> 2.7)
  sequel (~> 4.8)
  sinatra (~> 1.4)
  sqlite3 (~> 1.3)
  stylus
