GEM
  remote: https://rubygems.org/
  specs:
    backports (3.7.0)
    daemons (1.2.4)
    eventmachine (1.2.3)
    multi_json (1.12.1)
    rack (1.6.5)
    rack-protection (1.5.3)
      rack
    rack-test (0.6.3)
      rack (>= 1.0)
    sequel (4.45.0)
    sinatra (1.4.8)
      rack (~> 1.5)
      rack-protection (~> 1.4)
      tilt (>= 1.3, < 3)
    sinatra-contrib (1.4.7)
      backports (>= 2.0)
      multi_json
      rack-protection
      rack-test
      sinatra (~> 1.4.0)
      tilt (>= 1.3, < 3)
    sqlite3 (1.3.13)
    thin (1.7.0)
      daemons (~> 1.0, >= 1.0.9)
      eventmachine (~> 1.0, >= 1.0.4)
      rack (>= 1, < 3)
    tilt (2.0.7)
    yajl-ruby (1.3.0)

PLATFORMS
  ruby

DEPENDENCIES
  sequel (~> 4.8)
  sinatra (~> 1.4)
  sinatra-contrib (~> 1.4)
  sqlite3 (~> 1.3)
  thin (~> 1.7)
  yajl-ruby (~> 1.2)

BUNDLED WITH
   1.14.3
